STORAGE: NONE
RESTRICTION: || (== net462) (== net6.0)
NUGET
  remote: https://www.nuget.org/api/v2
    coverlet.collector (6.0) - copy_local: true
    Microsoft.Bcl.AsyncInterfaces (8.0) - restriction: || (== net462) (&& (== net6.0) (>= net462)) (&& (== net6.0) (< netstandard2.1))
      System.Threading.Tasks.Extensions (>= 4.5.4) - restriction: || (== net462) (&& (== net6.0) (>= net462)) (&& (== net6.0) (< netstandard2.1))
    Microsoft.CodeCoverage (17.8)
    Microsoft.Extensions.Configuration (8.0)
      Microsoft.Extensions.Configuration.Abstractions (>= 8.0)
      Microsoft.Extensions.Primitives (>= 8.0)
    Microsoft.Extensions.Configuration.Abstractions (8.0)
      Microsoft.Extensions.Primitives (>= 8.0)
      System.ValueTuple (>= 4.5) - restriction: || (== net462) (&& (== net6.0) (>= net462))
    Microsoft.Extensions.Configuration.Binder (8.0)
      Microsoft.Extensions.Configuration.Abstractions (>= 8.0)
    Microsoft.Extensions.Configuration.CommandLine (8.0)
      Microsoft.Extensions.Configuration (>= 8.0)
      Microsoft.Extensions.Configuration.Abstractions (>= 8.0)
    Microsoft.Extensions.Configuration.EnvironmentVariables (8.0)
      Microsoft.Extensions.Configuration (>= 8.0)
      Microsoft.Extensions.Configuration.Abstractions (>= 8.0)
    Microsoft.Extensions.Configuration.FileExtensions (8.0)
      Microsoft.Extensions.Configuration (>= 8.0)
      Microsoft.Extensions.Configuration.Abstractions (>= 8.0)
      Microsoft.Extensions.FileProviders.Abstractions (>= 8.0)
      Microsoft.Extensions.FileProviders.Physical (>= 8.0)
      Microsoft.Extensions.Primitives (>= 8.0)
    Microsoft.Extensions.Configuration.Json (8.0)
      Microsoft.Extensions.Configuration (>= 8.0)
      Microsoft.Extensions.Configuration.Abstractions (>= 8.0)
      Microsoft.Extensions.Configuration.FileExtensions (>= 8.0)
      Microsoft.Extensions.FileProviders.Abstractions (>= 8.0)
      System.Text.Json (>= 8.0)
    Microsoft.Extensions.Configuration.UserSecrets (8.0)
      Microsoft.Extensions.Configuration.Abstractions (>= 8.0)
      Microsoft.Extensions.Configuration.Json (>= 8.0)
      Microsoft.Extensions.FileProviders.Abstractions (>= 8.0)
      Microsoft.Extensions.FileProviders.Physical (>= 8.0)
    Microsoft.Extensions.DependencyInjection (8.0)
      Microsoft.Bcl.AsyncInterfaces (>= 8.0) - restriction: || (== net462) (&& (== net6.0) (>= net462)) (&& (== net6.0) (< netstandard2.1))
      Microsoft.Extensions.DependencyInjection.Abstractions (>= 8.0)
      System.Threading.Tasks.Extensions (>= 4.5.4) - restriction: || (== net462) (&& (== net6.0) (>= net462)) (&& (== net6.0) (< netstandard2.1))
    Microsoft.Extensions.DependencyInjection.Abstractions (8.0)
      Microsoft.Bcl.AsyncInterfaces (>= 8.0) - restriction: || (== net462) (&& (== net6.0) (>= net462)) (&& (== net6.0) (< netstandard2.1))
      System.Threading.Tasks.Extensions (>= 4.5.4) - restriction: || (== net462) (&& (== net6.0) (>= net462)) (&& (== net6.0) (< netstandard2.1))
    Microsoft.Extensions.DependencyModel (8.0)
      System.Buffers (>= 4.5.1) - restriction: || (== net462) (&& (== net6.0) (>= net462))
      System.Memory (>= 4.5.5) - restriction: || (== net462) (&& (== net6.0) (>= net462))
      System.Text.Encodings.Web (>= 8.0)
      System.Text.Json (>= 8.0)
    Microsoft.Extensions.Diagnostics (8.0)
      Microsoft.Extensions.Configuration (>= 8.0)
      Microsoft.Extensions.Diagnostics.Abstractions (>= 8.0)
      Microsoft.Extensions.Options.ConfigurationExtensions (>= 8.0)
    Microsoft.Extensions.Diagnostics.Abstractions (8.0)
      Microsoft.Extensions.DependencyInjection.Abstractions (>= 8.0)
      Microsoft.Extensions.Options (>= 8.0)
      System.Buffers (>= 4.5.1) - restriction: || (== net462) (&& (== net6.0) (>= net462))
      System.Diagnostics.DiagnosticSource (>= 8.0)
      System.Memory (>= 4.5.5) - restriction: || (== net462) (&& (== net6.0) (>= net462))
    Microsoft.Extensions.FileProviders.Abstractions (8.0)
      Microsoft.Extensions.Primitives (>= 8.0)
    Microsoft.Extensions.FileProviders.Physical (8.0)
      Microsoft.Extensions.FileProviders.Abstractions (>= 8.0)
      Microsoft.Extensions.FileSystemGlobbing (>= 8.0)
      Microsoft.Extensions.Primitives (>= 8.0)
    Microsoft.Extensions.FileSystemGlobbing (8.0)
    Microsoft.Extensions.Hosting (8.0)
      Microsoft.Bcl.AsyncInterfaces (>= 8.0) - restriction: || (== net462) (&& (== net6.0) (>= net462)) (&& (== net6.0) (< netstandard2.1))
      Microsoft.Extensions.Configuration (>= 8.0)
      Microsoft.Extensions.Configuration.Abstractions (>= 8.0)
      Microsoft.Extensions.Configuration.Binder (>= 8.0)
      Microsoft.Extensions.Configuration.CommandLine (>= 8.0)
      Microsoft.Extensions.Configuration.EnvironmentVariables (>= 8.0)
      Microsoft.Extensions.Configuration.FileExtensions (>= 8.0)
      Microsoft.Extensions.Configuration.Json (>= 8.0)
      Microsoft.Extensions.Configuration.UserSecrets (>= 8.0)
      Microsoft.Extensions.DependencyInjection (>= 8.0)
      Microsoft.Extensions.DependencyInjection.Abstractions (>= 8.0)
      Microsoft.Extensions.Diagnostics (>= 8.0)
      Microsoft.Extensions.FileProviders.Abstractions (>= 8.0)
      Microsoft.Extensions.FileProviders.Physical (>= 8.0)
      Microsoft.Extensions.Hosting.Abstractions (>= 8.0)
      Microsoft.Extensions.Logging (>= 8.0)
      Microsoft.Extensions.Logging.Abstractions (>= 8.0)
      Microsoft.Extensions.Logging.Configuration (>= 8.0)
      Microsoft.Extensions.Logging.Console (>= 8.0)
      Microsoft.Extensions.Logging.Debug (>= 8.0)
      Microsoft.Extensions.Logging.EventLog (>= 8.0)
      Microsoft.Extensions.Logging.EventSource (>= 8.0)
      Microsoft.Extensions.Options (>= 8.0)
      System.Threading.Tasks.Extensions (>= 4.5.4) - restriction: || (== net462) (&& (== net6.0) (>= net462)) (&& (== net6.0) (< netstandard2.1))
    Microsoft.Extensions.Hosting.Abstractions (8.0)
      Microsoft.Bcl.AsyncInterfaces (>= 8.0) - restriction: || (== net462) (&& (== net6.0) (>= net462)) (&& (== net6.0) (< netstandard2.1))
      Microsoft.Extensions.Configuration.Abstractions (>= 8.0)
      Microsoft.Extensions.DependencyInjection.Abstractions (>= 8.0)
      Microsoft.Extensions.Diagnostics.Abstractions (>= 8.0)
      Microsoft.Extensions.FileProviders.Abstractions (>= 8.0)
      Microsoft.Extensions.Logging.Abstractions (>= 8.0)
      System.Threading.Tasks.Extensions (>= 4.5.4) - restriction: || (== net462) (&& (== net6.0) (>= net462)) (&& (== net6.0) (< netstandard2.1))
    Microsoft.Extensions.Logging (8.0)
      Microsoft.Bcl.AsyncInterfaces (>= 8.0) - restriction: || (== net462) (&& (== net6.0) (>= net462)) (&& (== net6.0) (< netstandard2.1))
      Microsoft.Extensions.DependencyInjection (>= 8.0)
      Microsoft.Extensions.Logging.Abstractions (>= 8.0)
      Microsoft.Extensions.Options (>= 8.0)
      System.Diagnostics.DiagnosticSource (>= 8.0) - restriction: || (== net462) (&& (== net6.0) (>= net462)) (&& (== net6.0) (< netstandard2.1))
      System.ValueTuple (>= 4.5) - restriction: || (== net462) (&& (== net6.0) (>= net462))
    Microsoft.Extensions.Logging.Abstractions (8.0)
      Microsoft.Extensions.DependencyInjection.Abstractions (>= 8.0)
      System.Buffers (>= 4.5.1) - restriction: || (== net462) (&& (== net6.0) (>= net462))
      System.Memory (>= 4.5.5) - restriction: || (== net462) (&& (== net6.0) (>= net462))
    Microsoft.Extensions.Logging.Configuration (8.0)
      Microsoft.Extensions.Configuration (>= 8.0)
      Microsoft.Extensions.Configuration.Abstractions (>= 8.0)
      Microsoft.Extensions.Configuration.Binder (>= 8.0)
      Microsoft.Extensions.DependencyInjection.Abstractions (>= 8.0)
      Microsoft.Extensions.Logging (>= 8.0)
      Microsoft.Extensions.Logging.Abstractions (>= 8.0)
      Microsoft.Extensions.Options (>= 8.0)
      Microsoft.Extensions.Options.ConfigurationExtensions (>= 8.0)
    Microsoft.Extensions.Logging.Console (8.0)
      Microsoft.Bcl.AsyncInterfaces (>= 8.0) - restriction: || (== net462) (&& (== net6.0) (>= net462))
      Microsoft.Extensions.DependencyInjection.Abstractions (>= 8.0)
      Microsoft.Extensions.Logging (>= 8.0)
      Microsoft.Extensions.Logging.Abstractions (>= 8.0)
      Microsoft.Extensions.Logging.Configuration (>= 8.0)
      Microsoft.Extensions.Options (>= 8.0)
      System.Buffers (>= 4.5.1) - restriction: || (== net462) (&& (== net6.0) (>= net462))
      System.Runtime.CompilerServices.Unsafe (>= 6.0) - restriction: || (&& (== net462) (>= net6.0)) (== net6.0)
      System.Text.Json (>= 8.0)
    Microsoft.Extensions.Logging.Debug (8.0)
      Microsoft.Extensions.DependencyInjection.Abstractions (>= 8.0)
      Microsoft.Extensions.Logging (>= 8.0)
      Microsoft.Extensions.Logging.Abstractions (>= 8.0)
    Microsoft.Extensions.Logging.EventLog (8.0)
      Microsoft.Extensions.DependencyInjection.Abstractions (>= 8.0)
      Microsoft.Extensions.Logging (>= 8.0)
      Microsoft.Extensions.Logging.Abstractions (>= 8.0)
      Microsoft.Extensions.Options (>= 8.0)
      System.Diagnostics.EventLog (>= 8.0) - restriction: || (&& (== net462) (>= net6.0)) (== net6.0)
    Microsoft.Extensions.Logging.EventSource (8.0)
      Microsoft.Bcl.AsyncInterfaces (>= 8.0) - restriction: || (== net462) (&& (== net6.0) (>= net462))
      Microsoft.Extensions.DependencyInjection.Abstractions (>= 8.0)
      Microsoft.Extensions.Logging (>= 8.0)
      Microsoft.Extensions.Logging.Abstractions (>= 8.0)
      Microsoft.Extensions.Options (>= 8.0)
      Microsoft.Extensions.Primitives (>= 8.0)
      System.Memory (>= 4.5.5) - restriction: || (== net462) (&& (== net6.0) (>= net462))
      System.Runtime.CompilerServices.Unsafe (>= 6.0)
      System.Text.Json (>= 8.0)
    Microsoft.Extensions.Options (8.0)
      Microsoft.Extensions.DependencyInjection.Abstractions (>= 8.0)
      Microsoft.Extensions.Primitives (>= 8.0)
      System.ValueTuple (>= 4.5) - restriction: || (== net462) (&& (== net6.0) (>= net462))
    Microsoft.Extensions.Options.ConfigurationExtensions (8.0)
      Microsoft.Extensions.Configuration.Abstractions (>= 8.0)
      Microsoft.Extensions.Configuration.Binder (>= 8.0)
      Microsoft.Extensions.DependencyInjection.Abstractions (>= 8.0)
      Microsoft.Extensions.Options (>= 8.0)
      Microsoft.Extensions.Primitives (>= 8.0)
    Microsoft.Extensions.Primitives (8.0)
      System.Memory (>= 4.5.5) - restriction: || (== net462) (&& (== net6.0) (>= net462))
      System.Runtime.CompilerServices.Unsafe (>= 6.0)
    Microsoft.NET.Test.Sdk (17.8)
      Microsoft.CodeCoverage (>= 17.8)
      Microsoft.TestPlatform.TestHost (>= 17.8) - restriction: || (&& (== net462) (>= netcoreapp3.1)) (== net6.0)
    Microsoft.NETCore.Platforms (7.0) - restriction: || (&& (== net462) (< net45)) (&& (== net462) (< net452)) (&& (== net462) (>= netcoreapp2.0)) (&& (== net462) (< netstandard1.0)) (&& (== net462) (< netstandard1.3) (>= wpa81)) (&& (== net462) (< netstandard1.5) (>= uap10.0)) (&& (== net462) (< portable-net45+win8+wpa81)) (&& (== net462) (>= uap10.1)) (&& (== net462) (>= wp8)) (== net6.0)
    Microsoft.TestPlatform.ObjectModel (17.8) - copy_local: true
      NuGet.Frameworks (>= 6.5)
      System.Reflection.Metadata (>= 1.6)
    Microsoft.TestPlatform.TestHost (17.8) - restriction: || (&& (== net462) (>= netcoreapp3.1)) (== net6.0)
      Microsoft.TestPlatform.ObjectModel (>= 17.8) - restriction: || (&& (== net462) (>= netcoreapp3.1)) (== net6.0)
      Newtonsoft.Json (>= 13.0.1) - restriction: || (&& (== net462) (>= netcoreapp3.1)) (== net6.0)
    NETStandard.Library (2.0.3) - restriction: || (&& (== net462) (< net452)) (== net6.0)
      Microsoft.NETCore.Platforms (>= 1.1)
    Newtonsoft.Json (13.0.2) - restriction: || (&& (== net462) (>= netcoreapp3.1)) (== net6.0)
    NuGet.Frameworks (6.8) - copy_local: true, restriction: || (== net462) (&& (== net6.0) (>= net462))
    Serilog (3.1.1)
      System.Diagnostics.DiagnosticSource (>= 7.0.2) - restriction: || (== net462) (&& (== net6.0) (>= net462) (< netstandard2.0)) (&& (== net6.0) (>= net471)) (&& (== net6.0) (< net5.0)) (&& (== net6.0) (< netstandard2.1))
      System.ValueTuple (>= 4.5) - restriction: || (== net462) (&& (== net6.0) (>= net462) (< netstandard2.0))
    Serilog.Extensions.Hosting (8.0)
      Microsoft.Extensions.DependencyInjection.Abstractions (>= 8.0)
      Microsoft.Extensions.Hosting.Abstractions (>= 8.0)
      Microsoft.Extensions.Logging.Abstractions (>= 8.0)
      Serilog (>= 3.1.1)
      Serilog.Extensions.Logging (>= 8.0)
    Serilog.Extensions.Logging (8.0)
      Microsoft.Extensions.Logging (>= 8.0)
      Serilog (>= 3.1.1)
    Serilog.Settings.Configuration (8.0)
      Microsoft.Extensions.Configuration.Binder (>= 8.0)
      Microsoft.Extensions.DependencyModel (>= 8.0)
      Serilog (>= 3.1.1)
    Serilog.Sinks.Console (5.0.1)
      Serilog (>= 3.1.1)
    System.Buffers (4.5.1) - restriction: || (== net462) (&& (== net6.0) (>= net462))
    System.Collections.Immutable (7.0) - copy_local: true, restriction: || (== net462) (&& (== net6.0) (>= net462))
      System.Memory (>= 4.5.5) - restriction: || (== net462) (&& (== net6.0) (>= net462))
      System.Runtime.CompilerServices.Unsafe (>= 6.0)
    System.Diagnostics.DiagnosticSource (8.0)
      System.Memory (>= 4.5.5) - restriction: || (== net462) (&& (== net6.0) (>= net462))
      System.Runtime.CompilerServices.Unsafe (>= 6.0)
    System.Diagnostics.EventLog (8.0) - restriction: || (&& (== net462) (>= net6.0)) (== net6.0)
    System.Interactive (6.0.1)
    System.Memory (4.5.5) - restriction: || (== net462) (&& (== net6.0) (>= net462))
      System.Buffers (>= 4.5.1) - restriction: || (== net462) (&& (== net6.0) (>= monotouch)) (&& (== net6.0) (>= net461)) (&& (== net6.0) (< netcoreapp2.0)) (&& (== net6.0) (< netstandard1.1)) (&& (== net6.0) (< netstandard2.0)) (&& (== net6.0) (>= xamarinios)) (&& (== net6.0) (>= xamarinmac)) (&& (== net6.0) (>= xamarintvos)) (&& (== net6.0) (>= xamarinwatchos))
      System.Numerics.Vectors (>= 4.5) - restriction: || (== net462) (&& (== net6.0) (>= net461))
      System.Runtime.CompilerServices.Unsafe (>= 4.5.3) - restriction: || (== net462) (&& (== net6.0) (>= monotouch)) (&& (== net6.0) (>= net461)) (&& (== net6.0) (< netcoreapp2.0)) (&& (== net6.0) (< netcoreapp2.1)) (&& (== net6.0) (< netstandard1.1)) (&& (== net6.0) (< netstandard2.0)) (&& (== net6.0) (>= uap10.1)) (&& (== net6.0) (>= xamarinios)) (&& (== net6.0) (>= xamarinmac)) (&& (== net6.0) (>= xamarintvos)) (&& (== net6.0) (>= xamarinwatchos))
    System.Numerics.Vectors (4.5) - restriction: || (== net462) (&& (== net6.0) (>= net462))
    System.Reactive (6.0)
    System.Reflection.Metadata (7.0) - copy_local: true, restriction: || (== net462) (&& (== net6.0) (>= net462))
      System.Collections.Immutable (>= 7.0)
      System.Memory (>= 4.5.5) - restriction: || (== net462) (&& (== net6.0) (>= net462))
    System.Runtime.CompilerServices.Unsafe (6.0)
    System.Text.Encodings.Web (8.0)
      System.Buffers (>= 4.5.1) - restriction: || (== net462) (&& (== net6.0) (>= net462))
      System.Memory (>= 4.5.5) - restriction: || (== net462) (&& (== net6.0) (>= net462))
      System.Runtime.CompilerServices.Unsafe (>= 6.0)
    System.Text.Json (8.0)
      Microsoft.Bcl.AsyncInterfaces (>= 8.0) - restriction: || (== net462) (&& (== net6.0) (>= net462))
      System.Buffers (>= 4.5.1) - restriction: || (== net462) (&& (== net6.0) (>= net462))
      System.Memory (>= 4.5.5) - restriction: || (== net462) (&& (== net6.0) (>= net462))
      System.Runtime.CompilerServices.Unsafe (>= 6.0)
      System.Text.Encodings.Web (>= 8.0)
      System.Threading.Tasks.Extensions (>= 4.5.4) - restriction: || (== net462) (&& (== net6.0) (>= net462))
      System.ValueTuple (>= 4.5) - restriction: || (== net462) (&& (== net6.0) (>= net462))
    System.Threading.Tasks.Extensions (4.5.4) - restriction: || (== net462) (&& (== net6.0) (>= net462)) (&& (== net6.0) (< netstandard2.1))
      System.Runtime.CompilerServices.Unsafe (>= 4.5.3) - restriction: || (== net462) (&& (== net6.0) (>= net461)) (&& (== net6.0) (< netcoreapp2.1)) (&& (== net6.0) (< netstandard1.0)) (&& (== net6.0) (< netstandard2.0)) (&& (== net6.0) (>= wp8))
    System.ValueTuple (4.5) - restriction: || (== net462) (&& (== net6.0) (>= net462))
    xunit (2.6.3)
      xunit.analyzers (>= 1.7)
      xunit.assert (>= 2.6.3)
      xunit.core (2.6.3)
    xunit.abstractions (2.0.3)
    xunit.analyzers (1.7)
    xunit.assert (2.6.3)
    xunit.core (2.6.3)
      xunit.extensibility.core (2.6.3)
      xunit.extensibility.execution (2.6.3)
    xunit.extensibility.core (2.6.3)
      NETStandard.Library (>= 1.6.1) - restriction: || (&& (== net462) (< net452)) (== net6.0)
      xunit.abstractions (>= 2.0.3)
    xunit.extensibility.execution (2.6.3)
      NETStandard.Library (>= 1.6.1) - restriction: || (&& (== net462) (< net452)) (== net6.0)
      xunit.extensibility.core (2.6.3)
    xunit.runner.visualstudio (2.5.5) - copy_local: true
      Microsoft.TestPlatform.ObjectModel (>= 17.8) - restriction: || (== net462) (&& (== net6.0) (>= net462))
